GEM
  remote: https://rubygems.org/
  specs:
    jruby-jars (1.7.12)
    jruby-rack (1.1.13.3)
    rack (1.6.0)
    rack-protection (1.5.3)
      rack
    rake (10.3.2)
    rubyzip (1.0.0)
    sinatra (1.4.5)
      rack (~> 1.4)
      rack-protection (~> 1.4)
      tilt (~> 1.3, >= 1.3.4)
    tilt (1.4.1)
    warbler (1.4.0)
      jruby-jars (>= 1.5.6)
      jruby-rack (>= 1.0.0)
      rake (>= 0.9.6)
      rubyzip (>= 0.9, < 1.1)

PLATFORMS
  java
  ruby

DEPENDENCIES
  sinatra
  warbler
